GEM
  remote: https://rubygems.org/
  specs:
    keycutter (1.0.2)

PLATFORMS
  arm64-darwin-22

DEPENDENCIES
  keycutter (= 1.0.2)

BUNDLED WITH
   2.4.1
